GIT
  remote: git://github.com/fushang318/mina.git
  revision: 93f5ca5d1c9588a59859704302543710af7b37d0
  tag: v0.2.0fix
  specs:
    mina (0.2.0)
      open4
      rake

GIT
  remote: git://github.com/mindpin/acts-as-dag.git
  revision: af0887073f0cf9ab843f11ee247cb76b48eec215
  tag: v0.0.1
  specs:
    acts-as-dag (0.0.1)
      mongoid

GIT
  remote: git://github.com/mindpin/aliyun.git
  revision: 2618793cd26132d2f1d0e793b8e9f31ffc8b691e
  tag: 0.0.4
  specs:
    aliyun (0.0.1)
      mime-types (~> 1.16)

GIT
  remote: git://github.com/mindpin/documents-store.git
  revision: 65c6847bfec20da0a3940cb6669f71ceb50e657e
  tag: v0.0.4
  specs:
    documents-store (0.0.4)
      mongoid (~> 4.0.0)

GIT
  remote: git://github.com/mindpin/file-part-upload.git
  revision: c0c5cfb06fd254ec692b6c5a184b78cb860b86b9
  tag: 1.0.5
  specs:
    file-part-upload (0.0.1)
      mime-types
      mini_magick

GIT
  remote: git://github.com/mindpin/generic_controller.git
  revision: ae6a18598b807f54b9325379249ed05b3742839b
  tag: v0.0.3
  specs:
    generic_controller (0.0.3)
      actionpack (~> 4.1.0)
      activemodel (~> 4.1.0)

GIT
  remote: git://github.com/mindpin/knowledge-net-plan-store.git
  revision: 3b105b6447c9518ac93bab6cd3745743966146d7
  tag: v0.0.6
  specs:
    knowledge-net-plan-store (0.0.2)
      mongoid

GIT
  remote: git://github.com/mindpin/knowledge-net-store.git
  revision: a9413c963d923734358edfae31c3a997b451d6ea
  tag: 0.1.1
  specs:
    knowledge-net-store (0.0.1)

GIT
  remote: git://github.com/mindpin/knowledge_camp_step.git
  revision: 19d74d28d984acd032b2b288cbb7ca922838e656
  tag: v0.0.7
  specs:
    knowledge_camp_step (0.0.1)
      mongoid (~> 4.0.0)

GIT
  remote: git://github.com/mindpin/simple-images.git
  revision: 052d70071b5f2862269d3eeaad355726e0941543
  ref: 052d700
  specs:
    simple-images (0.0.2)

GIT
  remote: git://github.com/mindpin/sort_char.git
  revision: 7525285b9d03b8057df5aa760ceb4160ecf4e9f3
  tag: 0.0.1
  specs:
    sort_char (0.0.1)

GIT
  remote: git://github.com/mindpin/ueditor.rails.git
  revision: b832fdefdca636c6c07bb6fa36d2d49b3596c772
  ref: b832fde
  specs:
    ueditor.rails (0.0.5)
      rails (~> 4.1)

GIT
  remote: git://github.com/mindpin/user-auth.git
  revision: afc6928b1945d7889f1dcef6623624df7d2752f7
  tag: 0.0.7
  specs:
    user-auth (0.0.1)
      devise (~> 3.2.4)
      rest-client

GIT
  remote: git://github.com/mindpin/video-fetcher.git
  revision: 33ba889e9f01bf8b83241feccdd953f26fdb1567
  ref: 33ba889e9f01bf8b83241feccdd953f26fdb1567
  specs:
    video-fetcher (0.0.2)

GIT
  remote: git://github.com/mindpin/virtual-file.git
  revision: 81fffa6789aba4f70683a8b4cf8f781470519fe5
  tag: v0.0.6
  specs:
    virtual_file_system (0.0.6)
      mongoid (~> 4.0.0)

GIT
  remote: git://github.com/simi/mongoid-versioning.git
  revision: a1aa92a4c7b721b004d559ae1112e7b4a6124d94
  specs:
    mongoid-versioning (0.0.1)
      mongoid (> 3)

PATH
  remote: vendor/4ye
  specs:
    siye (0.0.1)
      rails (~> 4.1.2)

PATH
  remote: vendor/android-publish-uploader
  specs:
    kc-android-publish-uploader (0.0.1)
      rails (~> 4.1.2)

PATH
  remote: vendor/api
  specs:
    knowledge-camp-api (0.0.1)
      rails (~> 4.1.2)

PATH
  remote: vendor/course_editor
  specs:
    kc-course-editor (0.0.1)
      rails (~> 4.1.2)

PATH
  remote: vendor/explore
  specs:
    kc-explore (0.0.1)
      rails (~> 4.1.2)

GEM
  remote: http://ruby.taobao.org/
  specs:
    actionmailer (4.1.2)
      actionpack (= 4.1.2)
      actionview (= 4.1.2)
      mail (~> 2.5.4)
    actionpack (4.1.2)
      actionview (= 4.1.2)
      activesupport (= 4.1.2)
      rack (~> 1.5.2)
      rack-test (~> 0.6.2)
    actionview (4.1.2)
      activesupport (= 4.1.2)
      builder (~> 3.1)
      erubis (~> 2.7.0)
    activemodel (4.1.2)
      activesupport (= 4.1.2)
      builder (~> 3.1)
    activerecord (4.1.2)
      activemodel (= 4.1.2)
      activesupport (= 4.1.2)
      arel (~> 5.0.0)
    activesupport (4.1.2)
      i18n (~> 0.6, >= 0.6.9)
      json (~> 1.7, >= 1.7.7)
      minitest (~> 5.1)
      thread_safe (~> 0.1)
      tzinfo (~> 1.1)
    arel (5.0.1.20140414130214)
    bcrypt (3.1.7)
    bson (2.3.0)
    bson_ext (1.5.1)
    builder (3.2.2)
    carrierwave (0.10.0)
      activemodel (>= 3.2.0)
      activesupport (>= 3.2.0)
      json (>= 1.7)
      mime-types (>= 1.16)
    carrierwave-mongoid (0.7.1)
      carrierwave (>= 0.8.0, < 0.11.0)
      mongoid (>= 3.0, < 5.0)
      mongoid-grid_fs (>= 1.3, < 3.0)
    cells (3.10.1)
      actionpack (>= 3.0)
      railties (>= 3.0)
      uber (~> 0.0.4)
    coderay (1.1.0)
    coffee-rails (4.0.1)
      coffee-script (>= 2.2.0)
      railties (>= 4.0.0, < 5.0)
    coffee-script (2.2.0)
      coffee-script-source
      execjs
    coffee-script-source (1.7.0)
    connection_pool (2.0.0)
    database_cleaner (1.2.0)
    devise (3.2.4)
      bcrypt (~> 3.0)
      orm_adapter (~> 0.1)
      railties (>= 3.2.6, < 5)
      thread_safe (~> 0.1)
      warden (~> 1.2.3)
    diff-lcs (1.2.5)
    erubis (2.7.0)
    execjs (2.2.1)
    haml (4.0.5)
      tilt
    haml-coderay (0.2.0)
      coderay
      haml
    hike (1.2.3)
    htmldiff (0.0.1)
    i18n (0.6.9)
    jbuilder (2.0.8)
      activesupport (>= 3.0.0, < 5)
      multi_json (~> 1.2)
    jquery-rails (3.1.1)
      railties (>= 3.0, < 5.0)
      thor (>= 0.14, < 2.0)
    json (1.8.1)
    kaminari (0.15.1)
      actionpack (>= 3.0.0)
      activesupport (>= 3.0.0)
    kgio (2.9.2)
    mail (2.5.4)
      mime-types (~> 1.16)
      treetop (~> 1.4.8)
    method_source (0.8.2)
    mime-types (1.25.1)
    mini_magick (3.7.0)
      subexec (~> 0.2.1)
    minitest (5.3.5)
    mongoid (4.0.0)
      activemodel (~> 4.0)
      moped (~> 2.0.0)
      origin (~> 2.1)
      tzinfo (>= 0.3.37)
    mongoid-grid_fs (2.1.0)
      mime-types (>= 1.0, < 3.0)
      mongoid (>= 3.0, < 5.0)
    moped (2.0.0)
      bson (~> 2.2)
      connection_pool (~> 2.0)
      optionable (~> 0.2.0)
    multi_json (1.10.1)
    open4 (1.3.4)
    optionable (0.2.0)
    origin (2.1.1)
    orm_adapter (0.5.0)
    polyglot (0.3.5)
    pry (0.10.0)
      coderay (~> 1.1.0)
      method_source (~> 0.8.1)
      slop (~> 3.4)
    rack (1.5.2)
    rack-test (0.6.2)
      rack (>= 1.0)
    rails (4.1.2)
      actionmailer (= 4.1.2)
      actionpack (= 4.1.2)
      actionview (= 4.1.2)
      activemodel (= 4.1.2)
      activerecord (= 4.1.2)
      activesupport (= 4.1.2)
      bundler (>= 1.3.0, < 2.0)
      railties (= 4.1.2)
      sprockets-rails (~> 2.0)
    railties (4.1.2)
      actionpack (= 4.1.2)
      activesupport (= 4.1.2)
      rake (>= 0.8.7)
      thor (>= 0.18.1, < 2.0)
    raindrops (0.13.0)
    rake (10.3.2)
    rdoc (4.1.1)
      json (~> 1.4)
    rest-client (1.6.7)
      mime-types (>= 1.16)
    rmmseg-cpp (0.2.9)
    rspec (3.0.0)
      rspec-core (~> 3.0.0)
      rspec-expectations (~> 3.0.0)
      rspec-mocks (~> 3.0.0)
    rspec-core (3.0.2)
      rspec-support (~> 3.0.0)
    rspec-expectations (3.0.2)
      diff-lcs (>= 1.2.0, < 2.0)
      rspec-support (~> 3.0.0)
    rspec-mocks (3.0.2)
      rspec-support (~> 3.0.0)
    rspec-support (3.0.2)
    ruby-pinyin (0.4.1)
      rmmseg-cpp (~> 0.2.9)
    sass (3.2.19)
    sass-rails (4.0.3)
      railties (>= 4.0.0, < 5.0)
      sass (~> 3.2.0)
      sprockets (~> 2.8, <= 2.11.0)
      sprockets-rails (~> 2.0)
    sdoc (0.4.0)
      json (~> 1.8)
      rdoc (~> 4.0, < 5.0)
    simple_form (3.0.2)
      actionpack (~> 4.0)
      activemodel (~> 4.0)
    slop (3.5.0)
    spring (1.1.3)
    sprockets (2.11.0)
      hike (~> 1.2)
      multi_json (~> 1.0)
      rack (~> 1.0)
      tilt (~> 1.1, != 1.3.0)
    sprockets-rails (2.1.3)
      actionpack (>= 3.0)
      activesupport (>= 3.0)
      sprockets (~> 2.8)
    subexec (0.2.3)
    thor (0.19.1)
    thread_safe (0.3.4)
    tilt (1.4.1)
    treetop (1.4.15)
      polyglot
      polyglot (>= 0.3.1)
    turbolinks (2.2.2)
      coffee-rails
    tzinfo (1.2.1)
      thread_safe (~> 0.1)
    uber (0.0.7)
    uglifier (2.5.1)
      execjs (>= 0.3.0)
      json (>= 1.8.0)
    unicorn (4.8.3)
      kgio (~> 2.6)
      rack
      raindrops (~> 0.7)
    warden (1.2.3)
      rack (>= 1.0)

PLATFORMS
  ruby

DEPENDENCIES
  acts-as-dag!
  aliyun!
  bson_ext
  carrierwave-mongoid
  cells (~> 3.10.1)
  coffee-rails (~> 4.0.0)
  database_cleaner (~> 1.2.0)
  documents-store!
  file-part-upload!
  generic_controller!
  haml
  haml-coderay
  htmldiff
  jbuilder (~> 2.0.2)
  jquery-rails
  kaminari (~> 0.15.1)
  kc-android-publish-uploader!
  kc-course-editor!
  kc-explore!
  knowledge-camp-api!
  knowledge-net-plan-store!
  knowledge-net-store!
  knowledge_camp_step!
  mina!
  mini_magick
  mongoid (~> 4.0.0)
  mongoid-versioning!
  pry
  rails (= 4.1.2)
  rest-client
  rspec
  ruby-pinyin
  sass-rails (~> 4.0.3)
  sdoc (~> 0.4.0)
  simple-images!
  simple_form (~> 3.0.2)
  siye!
  sort_char!
  spring
  turbolinks
  ueditor.rails!
  uglifier (>= 1.3.0)
  unicorn
  user-auth!
  video-fetcher!
  virtual_file_system!
